GEM
  remote: https://rubygems.org/
  specs:
    benchmark (0.4.1)
    benchmark-memory (0.2.0)
      memory_profiler (~> 1)
    memory_profiler (1.1.0)

PLATFORMS
  arm64-darwin-24
  ruby

DEPENDENCIES
  benchmark
  benchmark-memory

BUNDLED WITH
   2.6.9
